GIT
  remote: git://github.com/jamesbjackson/stack_master.git
  revision: d18f2587c9469ea8d92817049320d9bdd57d3ba3
  branch: feat/allow-blank-compile-time-params
  specs:
    stack_master (1.3.1)
      activesupport (>= 4)
      aws-sdk (~> 2.6)
      cfndsl
      colorize
      commander
      deep_merge
      diffy
      dotgpg
      erubis
      ruby-progressbar
      sparkle_formation
      table_print

GEM
  remote: https://rubygems.org/
  specs:
    activesupport (5.2.3)
      concurrent-ruby (~> 1.0, >= 1.0.2)
      i18n (>= 0.7, < 2)
      minitest (~> 5.1)
      tzinfo (~> 1.1)
    addressable (2.6.0)
      public_suffix (>= 2.0.2, < 4.0)
    attribute_struct (0.4.4)
      bogo (>= 0.1.31, < 0.3.0)
    aws-eventstream (1.0.3)
    aws-sdk (2.11.285)
      aws-sdk-resources (= 2.11.285)
    aws-sdk-core (2.11.285)
      aws-sigv4 (~> 1.0)
      jmespath (~> 1.0)
    aws-sdk-resources (2.11.285)
      aws-sdk-core (= 2.11.285)
    aws-sigv4 (1.1.0)
      aws-eventstream (~> 1.0, >= 1.0.2)
    bogo (0.2.14)
      concurrent-ruby (~> 1.1.3)
      hashie
      multi_json
    bogo-cli (0.2.18)
      bogo (>= 0.2.14, < 0.6)
      bogo-config (>= 0.1.15, < 0.5)
      bogo-ui
      slop (~> 3)
    bogo-config (0.2.2)
      attribute_struct
      bogo (>= 0.1.4, < 1.0)
      multi_json
      multi_xml
    bogo-ui (0.1.28)
      bogo
      command_line_reporter
      paint
    byebug (11.0.1)
    cfndsl (0.16.13)
    colored (1.2)
    colorize (0.8.1)
    command_line_reporter (4.0.0)
      colored (>= 1.2)
    commander (4.4.7)
      highline (~> 2.0.0)
    concurrent-ruby (1.1.5)
    deep_merge (1.2.1)
    diffy (3.3.0)
    domain_name (0.5.20180417)
      unf (>= 0.0.5, < 1.0.0)
    dotgpg (0.7.0)
      gpgme
      thor
    erubis (2.7.0)
    git_remote_branch (0.3.8)
    gpgme (2.0.18)
      mini_portile2 (~> 2.3)
    graph (2.8.2)
    hashdiff (0.2.3)
    hashie (3.6.0)
    highline (2.0.2)
    http (3.3.0)
      addressable (~> 2.3)
      http-cookie (~> 1.0)
      http-form_data (~> 2.0)
      http_parser.rb (~> 0.6.0)
    http-cookie (1.0.3)
      domain_name (~> 0.5)
    http-form_data (2.1.1)
    http_parser.rb (0.6.0)
    i18n (1.6.0)
      concurrent-ruby (~> 1.0)
    jmespath (1.4.0)
    license_finder (5.8.0)
      bundler
      rubyzip
      thor
      toml (= 0.2.0)
      with_env (= 1.1.0)
      xml-simple
    miasma (0.3.6)
      bogo (>= 0.2.12, < 1.0)
      http (>= 0.8.12, < 4.0)
      multi_json
      multi_xml
      xml-simple
    miasma-aws (0.3.26)
      miasma (>= 0.3.5, < 0.5)
    miasma-azure (0.1.4)
    miasma-google (0.1.0)
      miasma (>= 0.2.12)
      mime-types
    miasma-open-stack (0.1.4)
    miasma-rackspace (0.1.2)
      miasma-open-stack
    miasma-terraform (0.1.2)
    mime-types (3.2.2)
      mime-types-data (~> 3.2015)
    mime-types-data (3.2019.0331)
    mini_portile2 (2.4.0)
    minitest (5.11.3)
    multi_json (1.13.1)
    multi_xml (0.6.0)
    net-ssh (5.2.0)
    paint (2.1.0)
    parslet (1.8.2)
    public_suffix (3.1.0)
    ruby-progressbar (1.10.1)
    rubyzip (1.2.3)
    sfn (3.1.4)
      bogo-cli (>= 0.2.5, < 0.4)
      bogo-ui (>= 0.1.28, < 0.4)
      graph (~> 2.8.1)
      hashdiff (~> 0.2.2)
      jmespath
      miasma (>= 0.3.3, < 0.4)
      miasma-aws (>= 0.3.15, < 0.4)
      miasma-azure (>= 0.1.0, < 0.3)
      miasma-google (>= 0.1.0, < 0.3)
      miasma-open-stack (>= 0.1.0, < 0.3)
      miasma-rackspace (>= 0.1.0, < 0.3)
      miasma-terraform (>= 0.1.0, < 0.2.0)
      net-ssh
      sparkle_formation (>= 3.0.35, < 4)
    slop (3.6.0)
    sparkle_formation (3.0.38)
      attribute_struct (>= 0.4.3, < 0.5)
      bogo
      multi_json
    table_print (1.5.6)
    thor (0.20.3)
    thread_safe (0.3.6)
    toml (0.2.0)
      parslet (~> 1.8.0)
    tzinfo (1.2.5)
      thread_safe (~> 0.1)
    unf (0.1.4)
      unf_ext
    unf_ext (0.0.7.6)
    with_env (1.1.0)
    xml-simple (1.1.5)

PLATFORMS
  ruby

DEPENDENCIES
  byebug
  git_remote_branch
  license_finder
  sfn
  stack_master!

BUNDLED WITH
   1.17.3
